GIT
  remote: git://github.com/schacon/showoff.git
  revision: 0e712271eceac2b4551438bdd0ec97f8345a1e2d
  specs:
    showoff (0.7.0)
      gli (~> 2)
      json
      nokogiri
      parslet
      redcarpet
      sinatra (~> 1.3)

GEM
  remote: https://rubygems.org/
  specs:
    blankslate (2.1.2.4)
    gli (2.4.1)
    json (1.7.5)
    nokogiri (1.5.5)
    parslet (1.4.0)
      blankslate (~> 2.0)
    pdfkit (0.5.4)
    rack (1.4.1)
    rack-protection (1.2.0)
      rack
    redcarpet (3.0.0)
    rmagick (2.13.2)
    sinatra (1.3.3)
      rack (~> 1.3, >= 1.3.6)
      rack-protection (~> 1.2)
      tilt (~> 1.3, >= 1.3.3)
    tilt (1.3.3)

PLATFORMS
  ruby

DEPENDENCIES
  gli (~> 2)
  json
  nokogiri
  parslet
  pdfkit
  redcarpet
  rmagick
  showoff!
  sinatra (~> 1.3)
